GEM
  remote: https://rubygems.org/
  specs:
    addressable (2.7.0)
      public_suffix (>= 2.0.2, < 5.0)
    public_suffix (4.0.6)
    rack (1.6.13)
    rack-canonical-host (0.1.0)
      addressable
      rack (~> 1.0)

PLATFORMS
  ruby

DEPENDENCIES
  rack
  rack-canonical-host (~> 0.1.0)

RUBY VERSION
   ruby 2.7.2p137

BUNDLED WITH
   2.1.4
