GEM
  remote: https://rubygems.org/
  specs:
    addressable (2.8.7)
      public_suffix (>= 2.0.2, < 7.0)
    nio4r (2.7.4)
    public_suffix (6.0.2)
    puma (6.6.0)
      nio4r (~> 2.0)
    rack (3.1.16)
    rack-canonical-host (1.3.0)
      addressable (> 0, < 3)
      rack (>= 1.6, < 4)

PLATFORMS
  arm64-darwin-24
  ruby

DEPENDENCIES
  puma (~> 6.6)
  rack (~> 3.1, >= 3.1.16)
  rack-canonical-host (~> 1.3)

RUBY VERSION
   ruby 3.4.3p32

BUNDLED WITH
   2.6.9
