GEM
  remote: https://rubygems.org/
  specs:
    addressable (2.8.5)
      public_suffix (>= 2.0.2, < 6.0)
    nio4r (2.5.9)
    public_suffix (5.0.3)
    puma (6.4.0)
      nio4r (~> 2.0)
    rack (3.0.8)
    rack-canonical-host (1.2.0)
      addressable (> 0, < 3)
      rack (>= 1, < 4)

PLATFORMS
  ruby

DEPENDENCIES
  puma (~> 6.3)
  rack (~> 3.0, >= 3.0.8)
  rack-canonical-host (~> 1.2)

RUBY VERSION
   ruby 3.2.2p53

BUNDLED WITH
   2.1.4
