GEM
  remote: https://rubygems.org/
  specs:
    addressable (2.8.0)
      public_suffix (>= 2.0.2, < 5.0)
    nio4r (2.5.8)
    public_suffix (4.0.7)
    puma (5.6.4)
      nio4r (~> 2.0)
    rack (2.2.6.4)
    rack-canonical-host (1.1.0)
      addressable (> 0, < 3)
      rack (>= 1.0.0, < 3)

PLATFORMS
  ruby

DEPENDENCIES
  puma (~> 5.6)
  rack (~> 2.2.6)
  rack-canonical-host (~> 1.1.0)

RUBY VERSION
   ruby 3.1.2p20

BUNDLED WITH
   2.1.4
